PATH
  remote: .
  specs:
    xcfit (4.0.3)
      thor (~> 0.17.0)

GEM
  remote: https://rubygems.org/
  specs:
    rake (10.5.0)
    thor (0.17.0)

PLATFORMS
  ruby

DEPENDENCIES
  bundler (~> 1.12)
  rake (~> 10.0)
  xcfit!

BUNDLED WITH
   1.13.7
